STORAGE: NONE
RESTRICTION: || (== netcoreapp2.0) (== netstandard2.0)
NUGET
  remote: https://www.nuget.org/api/v2
    Fable.Browser.Blob (1.0)
      Fable.Core (>= 3.0)
      FSharp.Core (>= 4.5.2)
    Fable.Browser.Dom (1.0)
      Fable.Browser.Blob (>= 1.0)
      Fable.Browser.Event (>= 1.0)
      Fable.Browser.WebStorage (>= 1.0)
      Fable.Core (>= 3.0)
      FSharp.Core (>= 4.5.2)
    Fable.Browser.Event (1.0)
      Fable.Core (>= 3.0)
      FSharp.Core (>= 4.5.2)
    Fable.Browser.WebStorage (1.0)
      Fable.Browser.Event (>= 1.0)
      Fable.Core (>= 3.0)
      FSharp.Core (>= 4.5.2)
    Fable.Core (3.0)
      FSharp.Core (>= 4.5.2)
    Fable.Date (1.0)
      Fable.Core (>= 2.0.2)
      FSharp.Core (>= 4.5.2)
    Fable.FontAwesome (2.0)
      Fable.Core (>= 3.0)
      Fable.React (>= 5.1)
    Fable.FontAwesome.Free (2.0)
      Fable.Core (>= 3.0)
      Fable.FontAwesome (>= 2.0)
      Fable.React (>= 5.1)
    Fable.Node (1.0.1)
      Fable.Core (>= 3.0.0-beta-006)
      FSharp.Core (>= 4.5.2)
    Fable.React (5.2.6)
      Fable.Browser.Dom (>= 1.0)
      Fable.Core (>= 3.0)
      FSharp.Core (>= 4.6.2)
    FSharp.Core (4.6.2)
    Fulma (2.1.1)
      Fable.Core (>= 3.0)
      Fable.React (>= 5.1)
